PATH
  remote: .
  specs:
    scrawl (0.0.1)
      metadown (= 1.0.1)

GEM
  remote: https://rubygems.org/
  specs:
    diff-lcs (1.1.3)
    fakefs (0.4.2)
    metadown (1.0.1)
      redcarpet
    redcarpet (2.2.2)
    rspec (2.12.0)
      rspec-core (~> 2.12.0)
      rspec-expectations (~> 2.12.0)
      rspec-mocks (~> 2.12.0)
    rspec-core (2.12.0)
    rspec-expectations (2.12.0)
      diff-lcs (~> 1.1.3)
    rspec-mocks (2.12.0)

PLATFORMS
  ruby

DEPENDENCIES
  fakefs (= 0.4.2)
  rspec (= 2.12.0)
  scrawl!
